GEM
  remote: https://rubygems.org/
  specs:
    activesupport (3.2.13)
      i18n (= 0.6.1)
      multi_json (~> 1.0)
    bacon (1.2.0)
    erubis (2.7.0)
    i18n (0.6.1)
    metaclass (0.0.1)
    mocha (0.13.3)
      metaclass (~> 0.0.1)
    mocha-on-bacon (0.2.2)
      mocha (>= 0.13.0)
    multi_json (1.7.2)
    nap (0.5.1)
    pg (0.15.0)
    saga (0.10.0)
      activesupport (>= 2.3)
      erubis (>= 2.6)
    sequel (3.46.0)

PLATFORMS
  ruby

DEPENDENCIES
  bacon
  mocha-on-bacon
  nap
  pg
  saga
  sequel
