GIT
  remote: git://github.com/CocoaPods/Core.git
  revision: 63f310adb5210854b34c3d94bb9452bafd7cbc26
  specs:
    cocoapods-core (0.23.0.rc1)
      activesupport (~> 3.2.13)
      json (~> 1.8.0)
      nap (~> 0.5.1)

GEM
  remote: https://rubygems.org/
  specs:
    activesupport (3.2.14)
      i18n (~> 0.6, >= 0.6.4)
      multi_json (~> 1.0)
    bacon (1.2.0)
    daemons (1.1.9)
    dotenv (0.8.0)
    erubis (2.7.0)
    eventmachine (1.0.3)
    foreman (0.63.0)
      dotenv (>= 0.7)
      thor (>= 0.13.6)
    i18n (0.6.4)
    json (1.8.0)
    metaclass (0.0.1)
    mocha (0.14.0)
      metaclass (~> 0.0.1)
    mocha-on-bacon (0.2.2)
      mocha (>= 0.13.0)
    multi_json (1.7.7)
    nap (0.5.1)
    pg (0.16.0)
    rack (1.5.2)
    rack-protection (1.5.0)
      rack
    rack-test (0.6.2)
      rack (>= 1.0)
    safe_yaml (0.9.4)
    saga (0.10.0)
      activesupport (>= 2.3)
      erubis (>= 2.6)
    sequel (4.1.1)
    sinatra (1.4.3)
      rack (~> 1.4)
      rack-protection (~> 1.4)
      tilt (~> 1.3, >= 1.3.4)
    thin (1.5.1)
      daemons (>= 1.0.9)
      eventmachine (>= 0.12.6)
      rack (>= 1.0.0)
    thor (0.18.1)
    tilt (1.4.1)

PLATFORMS
  ruby

DEPENDENCIES
  bacon
  cocoapods-core!
  foreman
  mocha-on-bacon
  nap
  pg
  rack-test
  safe_yaml
  saga
  sequel
  sinatra
  thin
