GIT
  remote: git://github.com/CocoaPods/Core.git
  revision: 89bbeb9d14ef8666179675ba0fd2a77f816a0894
  specs:
    cocoapods-core (0.23.0.rc1)
      activesupport (~> 3.2.13)
      json (~> 1.8.0)
      nap (~> 0.5.1)

GIT
  remote: https://github.com/alloy/kicker.git
  revision: 885b3d274372af0b9839d1172d1ac3bc5552c604
  branch: 3.0.0
  specs:
    kicker (3.0.0pre2)
      listen (~> 1.1.0)
      notify (~> 0.5.2)

GEM
  remote: https://rubygems.org/
  specs:
    activesupport (3.2.14)
      i18n (~> 0.6, >= 0.6.4)
      multi_json (~> 1.0)
    bacon (1.2.0)
    daemons (1.1.9)
    dotenv (0.8.0)
    erubis (2.7.0)
    eventmachine (1.0.3)
    ffi (1.9.0)
    foreman (0.63.0)
      dotenv (>= 0.7)
      thor (>= 0.13.6)
    i18n (0.6.4)
    json (1.8.0)
    listen (1.1.6)
      rb-fsevent (>= 0.9.3)
      rb-inotify (>= 0.9)
      rb-kqueue (>= 0.2)
    mail (2.5.4)
      mime-types (~> 1.16)
      treetop (~> 1.4.8)
    metaclass (0.0.1)
    mime-types (1.23)
    mocha (0.14.0)
      metaclass (~> 0.0.1)
    mocha-on-bacon (0.2.2)
      mocha (>= 0.13.0)
    multi_json (1.7.8)
    nap (0.5.1)
    newrelic_rpm (3.6.5.130)
    notify (0.5.2)
    pg (0.16.0)
    polyglot (0.3.3)
    rack (1.5.2)
    rack-protection (1.5.0)
      rack
    rack-ssl (1.3.3)
      rack
    rack-test (0.6.2)
      rack (>= 1.0)
    rake (10.1.0)
    rb-fsevent (0.9.3)
    rb-inotify (0.9.0)
      ffi (>= 0.5.0)
    rb-kqueue (0.2.0)
      ffi (>= 0.5.0)
    safe_yaml (0.9.5)
    saga (0.10.0)
      activesupport (>= 2.3)
      erubis (>= 2.6)
    sequel (4.1.1)
    sinatra (1.4.3)
      rack (~> 1.4)
      rack-protection (~> 1.4)
      tilt (~> 1.3, >= 1.3.4)
    sinatra-twitter-bootstrap (2.3.1.1)
    terminal-table (1.4.5)
    thin (1.5.1)
      daemons (>= 1.0.9)
      eventmachine (>= 0.12.6)
      rack (>= 1.0.0)
    thor (0.18.1)
    tilt (1.4.1)
    treetop (1.4.14)
      polyglot
      polyglot (>= 0.3.1)

PLATFORMS
  ruby

DEPENDENCIES
  activesupport
  bacon
  cocoapods-core!
  foreman
  kicker!
  mail
  mocha-on-bacon
  nap
  newrelic_rpm
  pg
  rack-ssl
  rack-test
  rake
  safe_yaml
  saga
  sequel
  sinatra
  sinatra-twitter-bootstrap
  terminal-table
  thin
