GEM
  remote: https://rubygems.org/
  specs:
    activesupport (3.2.13)
      i18n (= 0.6.1)
      multi_json (~> 1.0)
    erubis (2.7.0)
    i18n (0.6.1)
    multi_json (1.7.2)
    saga (0.10.0)
      activesupport (>= 2.3)
      erubis (>= 2.6)

PLATFORMS
  ruby

DEPENDENCIES
  saga
