GIT
  remote: git://github.com/CocoaPods/Core.git
  revision: 8c07308255bc0d0d8b2577a20aeacd9e68fe1831
  specs:
    cocoapods-core (0.18.1)
      activesupport (~> 3.2.13)
      rake (~> 10.0.0)

GEM
  remote: https://rubygems.org/
  specs:
    activesupport (3.2.13)
      i18n (= 0.6.1)
      multi_json (~> 1.0)
    bacon (1.2.0)
    daemons (1.1.9)
    dotenv (0.7.0)
    erubis (2.7.0)
    eventmachine (1.0.3)
    foreman (0.63.0)
      dotenv (>= 0.7)
      thor (>= 0.13.6)
    i18n (0.6.1)
    metaclass (0.0.1)
    mocha (0.13.3)
      metaclass (~> 0.0.1)
    mocha-on-bacon (0.2.2)
      mocha (>= 0.13.0)
    multi_json (1.7.2)
    nap (0.5.1)
    pg (0.15.1)
    rack (1.5.2)
    rack-protection (1.5.0)
      rack
    rack-test (0.6.2)
      rack (>= 1.0)
    rake (10.0.4)
    safe_yaml (0.9.1)
    saga (0.10.0)
      activesupport (>= 2.3)
      erubis (>= 2.6)
    sequel (3.46.0)
    sinatra (1.4.2)
      rack (~> 1.5, >= 1.5.2)
      rack-protection (~> 1.4)
      tilt (~> 1.3, >= 1.3.4)
    thin (1.5.1)
      daemons (>= 1.0.9)
      eventmachine (>= 0.12.6)
      rack (>= 1.0.0)
    thor (0.18.1)
    tilt (1.3.7)

PLATFORMS
  ruby

DEPENDENCIES
  bacon
  cocoapods-core!
  foreman
  mocha-on-bacon
  nap
  pg
  rack-test
  safe_yaml
  saga
  sequel
  sinatra
  thin
